GEM
  remote: https://rubygems.org/
  specs:
    actioncable (5.2.3)
      actionpack (= 5.2.3)
      nio4r (~> 2.0)
      websocket-driver (>= 0.6.1)
    actionmailer (5.2.3)
      actionpack (= 5.2.3)
      actionview (= 5.2.3)
      activejob (= 5.2.3)
      mail (~> 2.5, >= 2.5.4)
      rails-dom-testing (~> 2.0)
    actionpack (5.2.3)
      actionview (= 5.2.3)
      activesupport (= 5.2.3)
      rack (~> 2.0)
      rack-test (>= 0.6.3)
      rails-dom-testing (~> 2.0)
      rails-html-sanitizer (~> 1.0, >= 1.0.2)
    actionview (5.2.3)
      activesupport (= 5.2.3)
      builder (~> 3.1)
      erubi (~> 1.4)
      rails-dom-testing (~> 2.0)
      rails-html-sanitizer (~> 1.0, >= 1.0.3)
    activejob (5.2.3)
      activesupport (= 5.2.3)
      globalid (>= 0.3.6)
    activemodel (5.2.3)
      activesupport (= 5.2.3)
    activerecord (5.2.3)
      activemodel (= 5.2.3)
      activesupport (= 5.2.3)
      arel (>= 9.0)
    activestorage (5.2.3)
      actionpack (= 5.2.3)
      activerecord (= 5.2.3)
      marcel (~> 0.3.1)
    activesupport (5.2.3)
      concurrent-ruby (~> 1.0, >= 1.0.2)
      i18n (>= 0.7, < 2)
      minitest (~> 5.1)
      tzinfo (~> 1.1)
    addressable (2.6.0)
      public_suffix (>= 2.0.2, < 4.0)
    airbrussh (1.3.2)
      sshkit (>= 1.6.1, != 1.7.0)
    archive-zip (0.12.0)
      io-like (~> 0.3.0)
    arel (9.0.0)
    aws-eventstream (1.0.3)
    aws-partitions (1.178.0)
    aws-sdk (3.0.1)
      aws-sdk-resources (~> 3)
    aws-sdk-acm (1.23.0)
      aws-sdk-core (~> 3, >= 3.56.0)
      aws-sigv4 (~> 1.1)
    aws-sdk-acmpca (1.18.0)
      aws-sdk-core (~> 3, >= 3.56.0)
      aws-sigv4 (~> 1.1)
    aws-sdk-alexaforbusiness (1.26.0)
      aws-sdk-core (~> 3, >= 3.56.0)
      aws-sigv4 (~> 1.1)
    aws-sdk-amplify (1.7.0)
      aws-sdk-core (~> 3, >= 3.56.0)
      aws-sigv4 (~> 1.1)
    aws-sdk-apigateway (1.32.0)
      aws-sdk-core (~> 3, >= 3.56.0)
      aws-sigv4 (~> 1.1)
    aws-sdk-apigatewaymanagementapi (1.7.0)
      aws-sdk-core (~> 3, >= 3.56.0)
      aws-sigv4 (~> 1.1)
    aws-sdk-apigatewayv2 (1.9.0)
      aws-sdk-core (~> 3, >= 3.56.0)
      aws-sigv4 (~> 1.1)
    aws-sdk-applicationautoscaling (1.26.0)
      aws-sdk-core (~> 3, >= 3.56.0)
      aws-sigv4 (~> 1.1)
    aws-sdk-applicationdiscoveryservice (1.19.0)
      aws-sdk-core (~> 3, >= 3.56.0)
      aws-sigv4 (~> 1.1)
    aws-sdk-applicationinsights (1.0.0)
      aws-sdk-core (~> 3, >= 3.56.0)
      aws-sigv4 (~> 1.1)
    aws-sdk-appmesh (1.11.0)
      aws-sdk-core (~> 3, >= 3.56.0)
      aws-sigv4 (~> 1.1)
    aws-sdk-appstream (1.31.0)
      aws-sdk-core (~> 3, >= 3.56.0)
      aws-sigv4 (~> 1.1)
    aws-sdk-appsync (1.17.0)
      aws-sdk-core (~> 3, >= 3.56.0)
      aws-sigv4 (~> 1.1)
    aws-sdk-athena (1.16.0)
      aws-sdk-core (~> 3, >= 3.56.0)
      aws-sigv4 (~> 1.1)
    aws-sdk-autoscaling (1.24.0)
      aws-sdk-core (~> 3, >= 3.56.0)
      aws-sigv4 (~> 1.1)
    aws-sdk-autoscalingplans (1.16.0)
      aws-sdk-core (~> 3, >= 3.56.0)
      aws-sigv4 (~> 1.1)
    aws-sdk-backup (1.7.0)
      aws-sdk-core (~> 3, >= 3.56.0)
      aws-sigv4 (~> 1.1)
    aws-sdk-batch (1.21.0)
      aws-sdk-core (~> 3, >= 3.56.0)
      aws-sigv4 (~> 1.1)
    aws-sdk-budgets (1.23.0)
      aws-sdk-core (~> 3, >= 3.56.0)
      aws-sigv4 (~> 1.1)
    aws-sdk-chime (1.11.0)
      aws-sdk-core (~> 3, >= 3.56.0)
      aws-sigv4 (~> 1.1)
    aws-sdk-cloud9 (1.15.0)
      aws-sdk-core (~> 3, >= 3.56.0)
      aws-sigv4 (~> 1.1)
    aws-sdk-clouddirectory (1.18.0)
      aws-sdk-core (~> 3, >= 3.56.0)
      aws-sigv4 (~> 1.1)
    aws-sdk-cloudformation (1.23.0)
      aws-sdk-core (~> 3, >= 3.56.0)
      aws-sigv4 (~> 1.1)
    aws-sdk-cloudfront (1.20.0)
      aws-sdk-core (~> 3, >= 3.56.0)
      aws-sigv4 (~> 1.1)
    aws-sdk-cloudhsm (1.16.0)
      aws-sdk-core (~> 3, >= 3.56.0)
      aws-sigv4 (~> 1.1)
    aws-sdk-cloudhsmv2 (1.16.0)
      aws-sdk-core (~> 3, >= 3.56.0)
      aws-sigv4 (~> 1.1)
    aws-sdk-cloudsearch (1.13.0)
      aws-sdk-core (~> 3, >= 3.56.0)
      aws-sigv4 (~> 1.1)
    aws-sdk-cloudsearchdomain (1.13.0)
      aws-sdk-core (~> 3, >= 3.56.0)
      aws-sigv4 (~> 1.1)
    aws-sdk-cloudtrail (1.15.0)
      aws-sdk-core (~> 3, >= 3.56.0)
      aws-sigv4 (~> 1.1)
    aws-sdk-cloudwatch (1.24.0)
      aws-sdk-core (~> 3, >= 3.56.0)
      aws-sigv4 (~> 1.1)
    aws-sdk-cloudwatchevents (1.21.0)
      aws-sdk-core (~> 3, >= 3.56.0)
      aws-sigv4 (~> 1.1)
    aws-sdk-cloudwatchlogs (1.22.0)
      aws-sdk-core (~> 3, >= 3.56.0)
      aws-sigv4 (~> 1.1)
    aws-sdk-codebuild (1.37.0)
      aws-sdk-core (~> 3, >= 3.56.0)
      aws-sigv4 (~> 1.1)
    aws-sdk-codecommit (1.23.0)
      aws-sdk-core (~> 3, >= 3.56.0)
      aws-sigv4 (~> 1.1)
    aws-sdk-codedeploy (1.23.0)
      aws-sdk-core (~> 3, >= 3.56.0)
      aws-sigv4 (~> 1.1)
    aws-sdk-codepipeline (1.21.0)
      aws-sdk-core (~> 3, >= 3.56.0)
      aws-sigv4 (~> 1.1)
    aws-sdk-codestar (1.15.0)
      aws-sdk-core (~> 3, >= 3.56.0)
      aws-sigv4 (~> 1.1)
    aws-sdk-cognitoidentity (1.14.0)
      aws-sdk-core (~> 3, >= 3.56.0)
      aws-sigv4 (~> 1.1)
    aws-sdk-cognitoidentityprovider (1.23.0)
      aws-sdk-core (~> 3, >= 3.56.0)
      aws-sigv4 (~> 1.1)
    aws-sdk-cognitosync (1.13.0)
      aws-sdk-core (~> 3, >= 3.56.0)
      aws-sigv4 (~> 1.1)
    aws-sdk-comprehend (1.22.0)
      aws-sdk-core (~> 3, >= 3.56.0)
      aws-sigv4 (~> 1.1)
    aws-sdk-comprehendmedical (1.7.0)
      aws-sdk-core (~> 3, >= 3.56.0)
      aws-sigv4 (~> 1.1)
    aws-sdk-configservice (1.31.0)
      aws-sdk-core (~> 3, >= 3.56.0)
      aws-sigv4 (~> 1.1)
    aws-sdk-connect (1.17.0)
      aws-sdk-core (~> 3, >= 3.56.0)
      aws-sigv4 (~> 1.1)
    aws-sdk-core (3.56.0)
      aws-eventstream (~> 1.0, >= 1.0.2)
      aws-partitions (~> 1.0)
      aws-sigv4 (~> 1.1)
      jmespath (~> 1.0)
    aws-sdk-costandusagereportservice (1.14.0)
      aws-sdk-core (~> 3, >= 3.56.0)
      aws-sigv4 (~> 1.1)
    aws-sdk-costexplorer (1.25.0)
      aws-sdk-core (~> 3, >= 3.56.0)
      aws-sigv4 (~> 1.1)
    aws-sdk-databasemigrationservice (1.24.0)
      aws-sdk-core (~> 3, >= 3.56.0)
      aws-sigv4 (~> 1.1)
    aws-sdk-datapipeline (1.13.0)
      aws-sdk-core (~> 3, >= 3.56.0)
      aws-sigv4 (~> 1.1)
    aws-sdk-datasync (1.8.0)
      aws-sdk-core (~> 3, >= 3.56.0)
      aws-sigv4 (~> 1.1)
    aws-sdk-dax (1.15.0)
      aws-sdk-core (~> 3, >= 3.56.0)
      aws-sigv4 (~> 1.1)
    aws-sdk-devicefarm (1.25.0)
      aws-sdk-core (~> 3, >= 3.56.0)
      aws-sigv4 (~> 1.1)
    aws-sdk-directconnect (1.21.0)
      aws-sdk-core (~> 3, >= 3.56.0)
      aws-sigv4 (~> 1.1)
    aws-sdk-directoryservice (1.19.0)
      aws-sdk-core (~> 3, >= 3.56.0)
      aws-sigv4 (~> 1.1)
    aws-sdk-dlm (1.16.0)
      aws-sdk-core (~> 3, >= 3.56.0)
      aws-sigv4 (~> 1.1)
    aws-sdk-docdb (1.8.0)
      aws-sdk-core (~> 3, >= 3.56.0)
      aws-sigv4 (~> 1.1)
    aws-sdk-dynamodb (1.31.0)
      aws-sdk-core (~> 3, >= 3.56.0)
      aws-sigv4 (~> 1.1)
    aws-sdk-dynamodbstreams (1.13.0)
      aws-sdk-core (~> 3, >= 3.56.0)
      aws-sigv4 (~> 1.1)
    aws-sdk-ec2 (1.96.0)
      aws-sdk-core (~> 3, >= 3.56.0)
      aws-sigv4 (~> 1.1)
    aws-sdk-ecr (1.18.0)
      aws-sdk-core (~> 3, >= 3.56.0)
      aws-sigv4 (~> 1.1)
    aws-sdk-ecs (1.42.0)
      aws-sdk-core (~> 3, >= 3.56.0)
      aws-sigv4 (~> 1.1)
    aws-sdk-efs (1.18.0)
      aws-sdk-core (~> 3, >= 3.56.0)
      aws-sigv4 (~> 1.1)
    aws-sdk-eks (1.22.0)
      aws-sdk-core (~> 3, >= 3.56.0)
      aws-sigv4 (~> 1.1)
    aws-sdk-elasticache (1.20.0)
      aws-sdk-core (~> 3, >= 3.56.0)
      aws-sigv4 (~> 1.1)
    aws-sdk-elasticbeanstalk (1.23.0)
      aws-sdk-core (~> 3, >= 3.56.0)
      aws-sigv4 (~> 1.1)
    aws-sdk-elasticloadbalancing (1.16.0)
      aws-sdk-core (~> 3, >= 3.56.0)
      aws-sigv4 (~> 1.1)
    aws-sdk-elasticloadbalancingv2 (1.31.0)
      aws-sdk-core (~> 3, >= 3.56.0)
      aws-sigv4 (~> 1.1)
    aws-sdk-elasticsearchservice (1.23.0)
      aws-sdk-core (~> 3, >= 3.56.0)
      aws-sigv4 (~> 1.1)
    aws-sdk-elastictranscoder (1.15.0)
      aws-sdk-core (~> 3, >= 3.56.0)
      aws-sigv4 (~> 1.1)
    aws-sdk-emr (1.18.0)
      aws-sdk-core (~> 3, >= 3.56.0)
      aws-sigv4 (~> 1.1)
    aws-sdk-firehose (1.18.0)
      aws-sdk-core (~> 3, >= 3.56.0)
      aws-sigv4 (~> 1.1)
    aws-sdk-fms (1.16.0)
      aws-sdk-core (~> 3, >= 3.56.0)
      aws-sigv4 (~> 1.1)
    aws-sdk-fsx (1.9.0)
      aws-sdk-core (~> 3, >= 3.56.0)
      aws-sigv4 (~> 1.1)
    aws-sdk-gamelift (1.20.0)
      aws-sdk-core (~> 3, >= 3.56.0)
      aws-sigv4 (~> 1.1)
    aws-sdk-glacier (1.22.0)
      aws-sdk-core (~> 3, >= 3.56.0)
      aws-sigv4 (~> 1.1)
    aws-sdk-globalaccelerator (1.8.0)
      aws-sdk-core (~> 3, >= 3.56.0)
      aws-sigv4 (~> 1.1)
    aws-sdk-glue (1.37.0)
      aws-sdk-core (~> 3, >= 3.56.0)
      aws-sigv4 (~> 1.1)
    aws-sdk-greengrass (1.21.0)
      aws-sdk-core (~> 3, >= 3.56.0)
      aws-sigv4 (~> 1.1)
    aws-sdk-groundstation (1.1.0)
      aws-sdk-core (~> 3, >= 3.56.0)
      aws-sigv4 (~> 1.1)
    aws-sdk-guardduty (1.20.0)
      aws-sdk-core (~> 3, >= 3.56.0)
      aws-sigv4 (~> 1.1)
    aws-sdk-health (1.17.0)
      aws-sdk-core (~> 3, >= 3.56.0)
      aws-sigv4 (~> 1.1)
    aws-sdk-iam (1.26.0)
      aws-sdk-core (~> 3, >= 3.56.0)
      aws-sigv4 (~> 1.1)
    aws-sdk-importexport (1.13.0)
      aws-sdk-core (~> 3, >= 3.56.0)
      aws-sigv2 (~> 1.0)
    aws-sdk-inspector (1.20.0)
      aws-sdk-core (~> 3, >= 3.56.0)
      aws-sigv4 (~> 1.1)
    aws-sdk-iot (1.33.0)
      aws-sdk-core (~> 3, >= 3.56.0)
      aws-sigv4 (~> 1.1)
    aws-sdk-iot1clickdevicesservice (1.15.0)
      aws-sdk-core (~> 3, >= 3.56.0)
      aws-sigv4 (~> 1.1)
    aws-sdk-iot1clickprojects (1.15.0)
      aws-sdk-core (~> 3, >= 3.56.0)
      aws-sigv4 (~> 1.1)
    aws-sdk-iotanalytics (1.22.0)
      aws-sdk-core (~> 3, >= 3.56.0)
      aws-sigv4 (~> 1.1)
    aws-sdk-iotdataplane (1.13.0)
      aws-sdk-core (~> 3, >= 3.56.0)
      aws-sigv4 (~> 1.1)
    aws-sdk-iotevents (1.1.0)
      aws-sdk-core (~> 3, >= 3.56.0)
      aws-sigv4 (~> 1.1)
    aws-sdk-ioteventsdata (1.2.0)
      aws-sdk-core (~> 3, >= 3.56.0)
      aws-sigv4 (~> 1.1)
    aws-sdk-iotjobsdataplane (1.14.0)
      aws-sdk-core (~> 3, >= 3.56.0)
      aws-sigv4 (~> 1.1)
    aws-sdk-iotthingsgraph (1.1.0)
      aws-sdk-core (~> 3, >= 3.56.0)
      aws-sigv4 (~> 1.1)
    aws-sdk-kafka (1.10.0)
      aws-sdk-core (~> 3, >= 3.56.0)
      aws-sigv4 (~> 1.1)
    aws-sdk-kinesis (1.17.0)
      aws-sdk-core (~> 3, >= 3.56.0)
      aws-sigv4 (~> 1.1)
    aws-sdk-kinesisanalytics (1.17.0)
      aws-sdk-core (~> 3, >= 3.56.0)
      aws-sigv4 (~> 1.1)
    aws-sdk-kinesisanalyticsv2 (1.8.0)
      aws-sdk-core (~> 3, >= 3.56.0)
      aws-sigv4 (~> 1.1)
    aws-sdk-kinesisvideo (1.16.0)
      aws-sdk-core (~> 3, >= 3.56.0)
      aws-sigv4 (~> 1.1)
    aws-sdk-kinesisvideoarchivedmedia (1.15.0)
      aws-sdk-core (~> 3, >= 3.56.0)
      aws-sigv4 (~> 1.1)
    aws-sdk-kinesisvideomedia (1.15.0)
      aws-sdk-core (~> 3, >= 3.56.0)
      aws-sigv4 (~> 1.1)
    aws-sdk-kms (1.22.0)
      aws-sdk-core (~> 3, >= 3.56.0)
      aws-sigv4 (~> 1.1)
    aws-sdk-lambda (1.27.0)
      aws-sdk-core (~> 3, >= 3.56.0)
      aws-sigv4 (~> 1.1)
    aws-sdk-lambdapreview (1.13.0)
      aws-sdk-core (~> 3, >= 3.56.0)
      aws-sigv4 (~> 1.1)
    aws-sdk-lex (1.16.0)
      aws-sdk-core (~> 3, >= 3.56.0)
      aws-sigv4 (~> 1.1)
    aws-sdk-lexmodelbuildingservice (1.19.0)
      aws-sdk-core (~> 3, >= 3.56.0)
      aws-sigv4 (~> 1.1)
    aws-sdk-licensemanager (1.7.0)
      aws-sdk-core (~> 3, >= 3.56.0)
      aws-sigv4 (~> 1.1)
    aws-sdk-lightsail (1.22.0)
      aws-sdk-core (~> 3, >= 3.56.0)
      aws-sigv4 (~> 1.1)
    aws-sdk-machinelearning (1.14.0)
      aws-sdk-core (~> 3, >= 3.56.0)
      aws-sigv4 (~> 1.1)
    aws-sdk-macie (1.13.0)
      aws-sdk-core (~> 3, >= 3.56.0)
      aws-sigv4 (~> 1.1)
    aws-sdk-managedblockchain (1.4.0)
      aws-sdk-core (~> 3, >= 3.56.0)
      aws-sigv4 (~> 1.1)
    aws-sdk-marketplacecommerceanalytics (1.13.0)
      aws-sdk-core (~> 3, >= 3.56.0)
      aws-sigv4 (~> 1.1)
    aws-sdk-marketplaceentitlementservice (1.13.0)
      aws-sdk-core (~> 3, >= 3.56.0)
      aws-sigv4 (~> 1.1)
    aws-sdk-marketplacemetering (1.16.0)
      aws-sdk-core (~> 3, >= 3.56.0)
      aws-sigv4 (~> 1.1)
    aws-sdk-mediaconnect (1.10.0)
      aws-sdk-core (~> 3, >= 3.56.0)
      aws-sigv4 (~> 1.1)
    aws-sdk-mediaconvert (1.30.0)
      aws-sdk-core (~> 3, >= 3.56.0)
      aws-sigv4 (~> 1.1)
    aws-sdk-medialive (1.34.0)
      aws-sdk-core (~> 3, >= 3.56.0)
      aws-sigv4 (~> 1.1)
    aws-sdk-mediapackage (1.20.0)
      aws-sdk-core (~> 3, >= 3.56.0)
      aws-sigv4 (~> 1.1)
    aws-sdk-mediapackagevod (1.2.0)
      aws-sdk-core (~> 3, >= 3.56.0)
      aws-sigv4 (~> 1.1)
    aws-sdk-mediastore (1.16.0)
      aws-sdk-core (~> 3, >= 3.56.0)
      aws-sigv4 (~> 1.1)
    aws-sdk-mediastoredata (1.16.0)
      aws-sdk-core (~> 3, >= 3.56.0)
      aws-sigv4 (~> 1.1)
    aws-sdk-mediatailor (1.18.0)
      aws-sdk-core (~> 3, >= 3.56.0)
      aws-sigv4 (~> 1.1)
    aws-sdk-migrationhub (1.15.0)
      aws-sdk-core (~> 3, >= 3.56.0)
      aws-sigv4 (~> 1.1)
    aws-sdk-mobile (1.13.0)
      aws-sdk-core (~> 3, >= 3.56.0)
      aws-sigv4 (~> 1.1)
    aws-sdk-mq (1.17.0)
      aws-sdk-core (~> 3, >= 3.56.0)
      aws-sigv4 (~> 1.1)
    aws-sdk-mturk (1.16.0)
      aws-sdk-core (~> 3, >= 3.56.0)
      aws-sigv4 (~> 1.1)
    aws-sdk-neptune (1.16.0)
      aws-sdk-core (~> 3, >= 3.56.0)
      aws-sigv4 (~> 1.1)
    aws-sdk-opsworks (1.18.0)
      aws-sdk-core (~> 3, >= 3.56.0)
      aws-sigv4 (~> 1.1)
    aws-sdk-opsworkscm (1.21.0)
      aws-sdk-core (~> 3, >= 3.56.0)
      aws-sigv4 (~> 1.1)
    aws-sdk-organizations (1.29.0)
      aws-sdk-core (~> 3, >= 3.56.0)
      aws-sigv4 (~> 1.1)
    aws-sdk-personalize (1.2.0)
      aws-sdk-core (~> 3, >= 3.56.0)
      aws-sigv4 (~> 1.1)
    aws-sdk-personalizeevents (1.1.0)
      aws-sdk-core (~> 3, >= 3.56.0)
      aws-sigv4 (~> 1.1)
    aws-sdk-personalizeruntime (1.1.0)
      aws-sdk-core (~> 3, >= 3.56.0)
      aws-sigv4 (~> 1.1)
    aws-sdk-pi (1.13.0)
      aws-sdk-core (~> 3, >= 3.56.0)
      aws-sigv4 (~> 1.1)
    aws-sdk-pinpoint (1.23.0)
      aws-sdk-core (~> 3, >= 3.56.0)
      aws-sigv4 (~> 1.1)
    aws-sdk-pinpointemail (1.12.0)
      aws-sdk-core (~> 3, >= 3.56.0)
      aws-sigv4 (~> 1.1)
    aws-sdk-pinpointsmsvoice (1.10.0)
      aws-sdk-core (~> 3, >= 3.56.0)
      aws-sigv4 (~> 1.1)
    aws-sdk-polly (1.23.0)
      aws-sdk-core (~> 3, >= 3.56.0)
      aws-sigv4 (~> 1.1)
    aws-sdk-pricing (1.13.0)
      aws-sdk-core (~> 3, >= 3.56.0)
      aws-sigv4 (~> 1.1)
    aws-sdk-quicksight (1.9.0)
      aws-sdk-core (~> 3, >= 3.56.0)
      aws-sigv4 (~> 1.1)
    aws-sdk-ram (1.8.0)
      aws-sdk-core (~> 3, >= 3.56.0)
      aws-sigv4 (~> 1.1)
    aws-sdk-rds (1.60.0)
      aws-sdk-core (~> 3, >= 3.56.0)
      aws-sigv4 (~> 1.1)
    aws-sdk-rdsdataservice (1.9.0)
      aws-sdk-core (~> 3, >= 3.56.0)
      aws-sigv4 (~> 1.1)
    aws-sdk-redshift (1.27.0)
      aws-sdk-core (~> 3, >= 3.56.0)
      aws-sigv4 (~> 1.1)
    aws-sdk-rekognition (1.26.0)
      aws-sdk-core (~> 3, >= 3.56.0)
      aws-sigv4 (~> 1.1)
    aws-sdk-resourcegroups (1.18.0)
      aws-sdk-core (~> 3, >= 3.56.0)
      aws-sigv4 (~> 1.1)
    aws-sdk-resourcegroupstaggingapi (1.15.0)
      aws-sdk-core (~> 3, >= 3.56.0)
      aws-sigv4 (~> 1.1)
    aws-sdk-resources (3.48.0)
      aws-sdk-acm (~> 1)
      aws-sdk-acmpca (~> 1)
      aws-sdk-alexaforbusiness (~> 1)
      aws-sdk-amplify (~> 1)
      aws-sdk-apigateway (~> 1)
      aws-sdk-apigatewaymanagementapi (~> 1)
      aws-sdk-apigatewayv2 (~> 1)
      aws-sdk-applicationautoscaling (~> 1)
      aws-sdk-applicationdiscoveryservice (~> 1)
      aws-sdk-applicationinsights (~> 1)
      aws-sdk-appmesh (~> 1)
      aws-sdk-appstream (~> 1)
      aws-sdk-appsync (~> 1)
      aws-sdk-athena (~> 1)
      aws-sdk-autoscaling (~> 1)
      aws-sdk-autoscalingplans (~> 1)
      aws-sdk-backup (~> 1)
      aws-sdk-batch (~> 1)
      aws-sdk-budgets (~> 1)
      aws-sdk-chime (~> 1)
      aws-sdk-cloud9 (~> 1)
      aws-sdk-clouddirectory (~> 1)
      aws-sdk-cloudformation (~> 1)
      aws-sdk-cloudfront (~> 1)
      aws-sdk-cloudhsm (~> 1)
      aws-sdk-cloudhsmv2 (~> 1)
      aws-sdk-cloudsearch (~> 1)
      aws-sdk-cloudsearchdomain (~> 1)
      aws-sdk-cloudtrail (~> 1)
      aws-sdk-cloudwatch (~> 1)
      aws-sdk-cloudwatchevents (~> 1)
      aws-sdk-cloudwatchlogs (~> 1)
      aws-sdk-codebuild (~> 1)
      aws-sdk-codecommit (~> 1)
      aws-sdk-codedeploy (~> 1)
      aws-sdk-codepipeline (~> 1)
      aws-sdk-codestar (~> 1)
      aws-sdk-cognitoidentity (~> 1)
      aws-sdk-cognitoidentityprovider (~> 1)
      aws-sdk-cognitosync (~> 1)
      aws-sdk-comprehend (~> 1)
      aws-sdk-comprehendmedical (~> 1)
      aws-sdk-configservice (~> 1)
      aws-sdk-connect (~> 1)
      aws-sdk-costandusagereportservice (~> 1)
      aws-sdk-costexplorer (~> 1)
      aws-sdk-databasemigrationservice (~> 1)
      aws-sdk-datapipeline (~> 1)
      aws-sdk-datasync (~> 1)
      aws-sdk-dax (~> 1)
      aws-sdk-devicefarm (~> 1)
      aws-sdk-directconnect (~> 1)
      aws-sdk-directoryservice (~> 1)
      aws-sdk-dlm (~> 1)
      aws-sdk-docdb (~> 1)
      aws-sdk-dynamodb (~> 1)
      aws-sdk-dynamodbstreams (~> 1)
      aws-sdk-ec2 (~> 1)
      aws-sdk-ecr (~> 1)
      aws-sdk-ecs (~> 1)
      aws-sdk-efs (~> 1)
      aws-sdk-eks (~> 1)
      aws-sdk-elasticache (~> 1)
      aws-sdk-elasticbeanstalk (~> 1)
      aws-sdk-elasticloadbalancing (~> 1)
      aws-sdk-elasticloadbalancingv2 (~> 1)
      aws-sdk-elasticsearchservice (~> 1)
      aws-sdk-elastictranscoder (~> 1)
      aws-sdk-emr (~> 1)
      aws-sdk-firehose (~> 1)
      aws-sdk-fms (~> 1)
      aws-sdk-fsx (~> 1)
      aws-sdk-gamelift (~> 1)
      aws-sdk-glacier (~> 1)
      aws-sdk-globalaccelerator (~> 1)
      aws-sdk-glue (~> 1)
      aws-sdk-greengrass (~> 1)
      aws-sdk-groundstation (~> 1)
      aws-sdk-guardduty (~> 1)
      aws-sdk-health (~> 1)
      aws-sdk-iam (~> 1)
      aws-sdk-importexport (~> 1)
      aws-sdk-inspector (~> 1)
      aws-sdk-iot (~> 1)
      aws-sdk-iot1clickdevicesservice (~> 1)
      aws-sdk-iot1clickprojects (~> 1)
      aws-sdk-iotanalytics (~> 1)
      aws-sdk-iotdataplane (~> 1)
      aws-sdk-iotevents (~> 1)
      aws-sdk-ioteventsdata (~> 1)
      aws-sdk-iotjobsdataplane (~> 1)
      aws-sdk-iotthingsgraph (~> 1)
      aws-sdk-kafka (~> 1)
      aws-sdk-kinesis (~> 1)
      aws-sdk-kinesisanalytics (~> 1)
      aws-sdk-kinesisanalyticsv2 (~> 1)
      aws-sdk-kinesisvideo (~> 1)
      aws-sdk-kinesisvideoarchivedmedia (~> 1)
      aws-sdk-kinesisvideomedia (~> 1)
      aws-sdk-kms (~> 1)
      aws-sdk-lambda (~> 1)
      aws-sdk-lambdapreview (~> 1)
      aws-sdk-lex (~> 1)
      aws-sdk-lexmodelbuildingservice (~> 1)
      aws-sdk-licensemanager (~> 1)
      aws-sdk-lightsail (~> 1)
      aws-sdk-machinelearning (~> 1)
      aws-sdk-macie (~> 1)
      aws-sdk-managedblockchain (~> 1)
      aws-sdk-marketplacecommerceanalytics (~> 1)
      aws-sdk-marketplaceentitlementservice (~> 1)
      aws-sdk-marketplacemetering (~> 1)
      aws-sdk-mediaconnect (~> 1)
      aws-sdk-mediaconvert (~> 1)
      aws-sdk-medialive (~> 1)
      aws-sdk-mediapackage (~> 1)
      aws-sdk-mediapackagevod (~> 1)
      aws-sdk-mediastore (~> 1)
      aws-sdk-mediastoredata (~> 1)
      aws-sdk-mediatailor (~> 1)
      aws-sdk-migrationhub (~> 1)
      aws-sdk-mobile (~> 1)
      aws-sdk-mq (~> 1)
      aws-sdk-mturk (~> 1)
      aws-sdk-neptune (~> 1)
      aws-sdk-opsworks (~> 1)
      aws-sdk-opsworkscm (~> 1)
      aws-sdk-organizations (~> 1)
      aws-sdk-personalize (~> 1)
      aws-sdk-personalizeevents (~> 1)
      aws-sdk-personalizeruntime (~> 1)
      aws-sdk-pi (~> 1)
      aws-sdk-pinpoint (~> 1)
      aws-sdk-pinpointemail (~> 1)
      aws-sdk-pinpointsmsvoice (~> 1)
      aws-sdk-polly (~> 1)
      aws-sdk-pricing (~> 1)
      aws-sdk-quicksight (~> 1)
      aws-sdk-ram (~> 1)
      aws-sdk-rds (~> 1)
      aws-sdk-rdsdataservice (~> 1)
      aws-sdk-redshift (~> 1)
      aws-sdk-rekognition (~> 1)
      aws-sdk-resourcegroups (~> 1)
      aws-sdk-resourcegroupstaggingapi (~> 1)
      aws-sdk-robomaker (~> 1)
      aws-sdk-route53 (~> 1)
      aws-sdk-route53domains (~> 1)
      aws-sdk-route53resolver (~> 1)
      aws-sdk-s3 (~> 1)
      aws-sdk-s3control (~> 1)
      aws-sdk-sagemaker (~> 1)
      aws-sdk-sagemakerruntime (~> 1)
      aws-sdk-secretsmanager (~> 1)
      aws-sdk-securityhub (~> 1)
      aws-sdk-serverlessapplicationrepository (~> 1)
      aws-sdk-servicecatalog (~> 1)
      aws-sdk-servicediscovery (~> 1)
      aws-sdk-servicequotas (~> 1)
      aws-sdk-ses (~> 1)
      aws-sdk-shield (~> 1)
      aws-sdk-signer (~> 1)
      aws-sdk-simpledb (~> 1)
      aws-sdk-sms (~> 1)
      aws-sdk-snowball (~> 1)
      aws-sdk-sns (~> 1)
      aws-sdk-sqs (~> 1)
      aws-sdk-ssm (~> 1)
      aws-sdk-states (~> 1)
      aws-sdk-storagegateway (~> 1)
      aws-sdk-support (~> 1)
      aws-sdk-swf (~> 1)
      aws-sdk-textract (~> 1)
      aws-sdk-transcribeservice (~> 1)
      aws-sdk-transcribestreamingservice (~> 1)
      aws-sdk-transfer (~> 1)
      aws-sdk-translate (~> 1)
      aws-sdk-waf (~> 1)
      aws-sdk-wafregional (~> 1)
      aws-sdk-workdocs (~> 1)
      aws-sdk-worklink (~> 1)
      aws-sdk-workmail (~> 1)
      aws-sdk-workspaces (~> 1)
      aws-sdk-xray (~> 1)
    aws-sdk-robomaker (1.10.0)
      aws-sdk-core (~> 3, >= 3.56.0)
      aws-sigv4 (~> 1.1)
    aws-sdk-route53 (1.26.0)
      aws-sdk-core (~> 3, >= 3.56.0)
      aws-sigv4 (~> 1.1)
    aws-sdk-route53domains (1.15.0)
      aws-sdk-core (~> 3, >= 3.56.0)
      aws-sigv4 (~> 1.1)
    aws-sdk-route53resolver (1.8.0)
      aws-sdk-core (~> 3, >= 3.56.0)
      aws-sigv4 (~> 1.1)
    aws-sdk-s3 (1.43.0)
      aws-sdk-core (~> 3, >= 3.56.0)
      aws-sdk-kms (~> 1)
      aws-sigv4 (~> 1.1)
    aws-sdk-s3control (1.10.0)
      aws-sdk-core (~> 3, >= 3.56.0)
      aws-sigv4 (~> 1.1)
    aws-sdk-sagemaker (1.39.0)
      aws-sdk-core (~> 3, >= 3.56.0)
      aws-sigv4 (~> 1.1)
    aws-sdk-sagemakerruntime (1.14.0)
      aws-sdk-core (~> 3, >= 3.56.0)
      aws-sigv4 (~> 1.1)
    aws-sdk-secretsmanager (1.28.0)
      aws-sdk-core (~> 3, >= 3.56.0)
      aws-sigv4 (~> 1.1)
    aws-sdk-securityhub (1.10.0)
      aws-sdk-core (~> 3, >= 3.56.0)
      aws-sigv4 (~> 1.1)
    aws-sdk-serverlessapplicationrepository (1.19.0)
      aws-sdk-core (~> 3, >= 3.56.0)
      aws-sigv4 (~> 1.1)
    aws-sdk-servicecatalog (1.29.0)
      aws-sdk-core (~> 3, >= 3.56.0)
      aws-sigv4 (~> 1.1)
    aws-sdk-servicediscovery (1.16.0)
      aws-sdk-core (~> 3, >= 3.56.0)
      aws-sigv4 (~> 1.1)
    aws-sdk-servicequotas (1.0.0)
      aws-sdk-core (~> 3, >= 3.56.0)
      aws-sigv4 (~> 1.1)
    aws-sdk-ses (1.23.0)
      aws-sdk-core (~> 3, >= 3.56.0)
      aws-sigv4 (~> 1.1)
    aws-sdk-shield (1.17.0)
      aws-sdk-core (~> 3, >= 3.56.0)
      aws-sigv4 (~> 1.1)
    aws-sdk-signer (1.13.0)
      aws-sdk-core (~> 3, >= 3.56.0)
      aws-sigv4 (~> 1.1)
    aws-sdk-simpledb (1.13.0)
      aws-sdk-core (~> 3, >= 3.56.0)
      aws-sigv2 (~> 1.0)
    aws-sdk-sms (1.14.0)
      aws-sdk-core (~> 3, >= 3.56.0)
      aws-sigv4 (~> 1.1)
    aws-sdk-snowball (1.18.0)
      aws-sdk-core (~> 3, >= 3.56.0)
      aws-sigv4 (~> 1.1)
    aws-sdk-sns (1.17.0)
      aws-sdk-core (~> 3, >= 3.56.0)
      aws-sigv4 (~> 1.1)
    aws-sdk-sqs (1.17.0)
      aws-sdk-core (~> 3, >= 3.56.0)
      aws-sigv4 (~> 1.1)
    aws-sdk-ssm (1.51.0)
      aws-sdk-core (~> 3, >= 3.56.0)
      aws-sigv4 (~> 1.1)
    aws-sdk-states (1.18.0)
      aws-sdk-core (~> 3, >= 3.56.0)
      aws-sigv4 (~> 1.1)
    aws-sdk-storagegateway (1.28.0)
      aws-sdk-core (~> 3, >= 3.56.0)
      aws-sigv4 (~> 1.1)
    aws-sdk-support (1.13.0)
      aws-sdk-core (~> 3, >= 3.56.0)
      aws-sigv4 (~> 1.1)
    aws-sdk-swf (1.13.0)
      aws-sdk-core (~> 3, >= 3.56.0)
      aws-sigv4 (~> 1.1)
    aws-sdk-textract (1.8.0)
      aws-sdk-core (~> 3, >= 3.56.0)
      aws-sigv4 (~> 1.1)
    aws-sdk-transcribeservice (1.24.0)
      aws-sdk-core (~> 3, >= 3.56.0)
      aws-sigv4 (~> 1.1)
    aws-sdk-transcribestreamingservice (1.6.0)
      aws-sdk-core (~> 3, >= 3.56.0)
      aws-sigv4 (~> 1.1)
    aws-sdk-transfer (1.10.0)
      aws-sdk-core (~> 3, >= 3.56.0)
      aws-sigv4 (~> 1.1)
    aws-sdk-translate (1.15.0)
      aws-sdk-core (~> 3, >= 3.56.0)
      aws-sigv4 (~> 1.1)
    aws-sdk-waf (1.21.0)
      aws-sdk-core (~> 3, >= 3.56.0)
      aws-sigv4 (~> 1.1)
    aws-sdk-wafregional (1.22.0)
      aws-sdk-core (~> 3, >= 3.56.0)
      aws-sigv4 (~> 1.1)
    aws-sdk-workdocs (1.16.0)
      aws-sdk-core (~> 3, >= 3.56.0)
      aws-sigv4 (~> 1.1)
    aws-sdk-worklink (1.9.0)
      aws-sdk-core (~> 3, >= 3.56.0)
      aws-sigv4 (~> 1.1)
    aws-sdk-workmail (1.16.0)
      aws-sdk-core (~> 3, >= 3.56.0)
      aws-sigv4 (~> 1.1)
    aws-sdk-workspaces (1.23.0)
      aws-sdk-core (~> 3, >= 3.56.0)
      aws-sigv4 (~> 1.1)
    aws-sdk-xray (1.18.0)
      aws-sdk-core (~> 3, >= 3.56.0)
      aws-sigv4 (~> 1.1)
    aws-sigv2 (1.0.1)
    aws-sigv4 (1.1.0)
      aws-eventstream (~> 1.0, >= 1.0.2)
    bindex (0.7.0)
    bootsnap (1.4.4)
      msgpack (~> 1.0)
    builder (3.2.3)
    byebug (11.0.1)
    capistrano (3.11.0)
      airbrussh (>= 1.0.0)
      i18n
      rake (>= 10.0.0)
      sshkit (>= 1.9.0)
    capistrano-bundler (1.5.0)
      capistrano (~> 3.1)
    capistrano-rails (1.4.0)
      capistrano (~> 3.1)
      capistrano-bundler (~> 1.1)
    capistrano-rbenv (2.1.4)
      capistrano (~> 3.1)
      sshkit (~> 1.3)
    capistrano-sidekiq (1.0.2)
      capistrano (>= 3.9.0)
      sidekiq (>= 3.4)
    capybara (3.24.0)
      addressable
      mini_mime (>= 0.1.3)
      nokogiri (~> 1.8)
      rack (>= 1.6.0)
      rack-test (>= 0.6.3)
      regexp_parser (~> 1.5)
      xpath (~> 3.2)
    childprocess (0.9.0)
      ffi (~> 1.0, >= 1.0.11)
    chromedriver-helper (2.1.1)
      archive-zip (~> 0.10)
      nokogiri (~> 1.8)
    coffee-rails (4.2.2)
      coffee-script (>= 2.2.0)
      railties (>= 4.0.0)
    coffee-script (2.4.1)
      coffee-script-source
      execjs
    coffee-script-source (1.12.2)
    concurrent-ruby (1.1.5)
    connection_pool (2.2.2)
    crass (1.0.4)
    erubi (1.8.0)
    execjs (2.7.0)
    ffi (1.11.1)
    figaro (1.1.1)
      thor (~> 0.14)
    globalid (0.4.2)
      activesupport (>= 4.2.0)
    i18n (1.6.0)
      concurrent-ruby (~> 1.0)
    io-like (0.3.0)
    jbuilder (2.9.1)
      activesupport (>= 4.2.0)
    jmespath (1.4.0)
    listen (3.1.5)
      rb-fsevent (~> 0.9, >= 0.9.4)
      rb-inotify (~> 0.9, >= 0.9.7)
      ruby_dep (~> 1.2)
    loofah (2.2.3)
      crass (~> 1.0.2)
      nokogiri (>= 1.5.9)
    mail (2.7.1)
      mini_mime (>= 0.1.1)
    marcel (0.3.3)
      mimemagic (~> 0.3.2)
    method_source (0.9.2)
    mimemagic (0.3.3)
    mini_mime (1.0.1)
    mini_portile2 (2.4.0)
    minitest (5.11.3)
    msgpack (1.3.0)
    mysql2 (0.4.10)
    net-scp (2.0.0)
      net-ssh (>= 2.6.5, < 6.0.0)
    net-ssh (5.2.0)
    nio4r (2.3.1)
    nokogiri (1.10.3)
      mini_portile2 (~> 2.4.0)
    public_suffix (3.1.0)
    puma (3.11.4)
    rack (2.0.7)
    rack-protection (2.0.5)
      rack
    rack-test (1.1.0)
      rack (>= 1.0, < 3)
    rails (5.2.3)
      actioncable (= 5.2.3)
      actionmailer (= 5.2.3)
      actionpack (= 5.2.3)
      actionview (= 5.2.3)
      activejob (= 5.2.3)
      activemodel (= 5.2.3)
      activerecord (= 5.2.3)
      activestorage (= 5.2.3)
      activesupport (= 5.2.3)
      bundler (>= 1.3.0)
      railties (= 5.2.3)
      sprockets-rails (>= 2.0.0)
    rails-dom-testing (2.0.3)
      activesupport (>= 4.2.0)
      nokogiri (>= 1.6)
    rails-html-sanitizer (1.0.4)
      loofah (~> 2.2, >= 2.2.2)
    railties (5.2.3)
      actionpack (= 5.2.3)
      activesupport (= 5.2.3)
      method_source
      rake (>= 0.8.7)
      thor (>= 0.19.0, < 2.0)
    rake (13.0.1)
    rb-fsevent (0.10.3)
    rb-inotify (0.10.0)
      ffi (~> 1.0)
    redis (4.1.2)
    regexp_parser (1.5.1)
    ruby_dep (1.5.0)
    rubyzip (1.2.1)
    sass (3.5.6)
      sass-listen (~> 4.0.0)
    sass-listen (4.0.0)
      rb-fsevent (~> 0.9, >= 0.9.4)
      rb-inotify (~> 0.9, >= 0.9.7)
    sass-rails (5.0.7)
      railties (>= 4.0.0, < 6)
      sass (~> 3.1)
      sprockets (>= 2.8, < 4.0)
      sprockets-rails (>= 2.0, < 4.0)
      tilt (>= 1.1, < 3)
    selenium-webdriver (3.11.0)
      childprocess (~> 0.5)
      rubyzip (~> 1.2)
    sidekiq (5.2.7)
      connection_pool (~> 2.2, >= 2.2.2)
      rack (>= 1.5.0)
      rack-protection (>= 1.5.0)
      redis (>= 3.3.5, < 5)
    spring (2.0.2)
      activesupport (>= 4.2)
    spring-watcher-listen (2.0.1)
      listen (>= 2.7, < 4.0)
      spring (>= 1.2, < 3.0)
    sprockets (3.7.1)
      concurrent-ruby (~> 1.0)
      rack (> 1, < 3)
    sprockets-rails (3.2.1)
      actionpack (>= 4.0)
      activesupport (>= 4.0)
      sprockets (>= 3.0.0)
    sshkit (1.18.2)
      net-scp (>= 1.1.2)
      net-ssh (>= 2.8.0)
    thor (0.20.3)
    thread_safe (0.3.6)
    tilt (2.0.8)
    turbolinks (5.1.1)
      turbolinks-source (~> 5.1)
    turbolinks-source (5.1.0)
    tzinfo (1.2.5)
      thread_safe (~> 0.1)
    uglifier (4.1.10)
      execjs (>= 0.3.0, < 3)
    web-console (3.6.2)
      actionview (>= 5.0)
      activemodel (>= 5.0)
      bindex (>= 0.4.0)
      railties (>= 5.0)
    websocket-driver (0.7.1)
      websocket-extensions (>= 0.1.0)
    websocket-extensions (0.1.4)
    xpath (3.2.0)
      nokogiri (~> 1.8)

PLATFORMS
  ruby

DEPENDENCIES
  aws-sdk
  bootsnap (>= 1.1.0)
  byebug
  capistrano
  capistrano-bundler
  capistrano-rails
  capistrano-rbenv
  capistrano-sidekiq
  capybara (>= 2.15)
  chromedriver-helper
  coffee-rails (~> 4.2)
  figaro
  jbuilder (~> 2.5)
  listen (>= 3.0.5, < 3.2)
  mysql2 (>= 0.4.4, < 0.6.0)
  puma (~> 3.11)
  rails (~> 5.2.3)
  sass-rails (~> 5.0)
  selenium-webdriver
  sidekiq
  spring
  spring-watcher-listen (~> 2.0.0)
  turbolinks (~> 5)
  tzinfo-data
  uglifier (>= 1.3.0)
  web-console (>= 3.3.0)

RUBY VERSION
   ruby 2.4.1p111

BUNDLED WITH
   1.16.1
